GEM
  remote: https://rubygems.org/
  specs:
    addressable (2.5.2)
      public_suffix (>= 2.0.2, < 4.0)
    ast (2.4.0)
    bump (0.6.1)
    childprocess (0.9.0)
      ffi (~> 1.0, >= 1.0.11)
    colorize (0.8.1)
    diff-lcs (1.3)
    docile (1.3.1)
    faraday (0.15.2)
      multipart-post (>= 1.2, < 3)
    ffi (1.9.25)
    haml (5.0.4)
      temple (>= 0.8.0)
      tilt
    hashie (3.5.7)
    httparty (0.16.2)
      multi_xml (>= 0.5.2)
    json (2.1.0)
    mirage (4.0.0.alpha9)
      childprocess
      haml
      hashie
      httparty
      ptools (= 1.2.2)
      sinatra
      thor
    multi_xml (0.6.0)
    multipart-post (2.0.0)
    mustermann (1.0.2)
    netrc (0.11.0)
    octokit (4.9.0)
      sawyer (~> 0.8.0, >= 0.5.3)
    parallel (1.12.1)
    parser (2.5.1.0)
      ast (~> 2.4.0)
    powerpack (0.1.1)
    ptools (1.2.2)
    public_suffix (3.0.2)
    rack (2.0.5)
    rack-protection (2.0.3)
      rack
    rainbow (3.0.0)
    rake (12.3.1)
    rspec (3.7.0)
      rspec-core (~> 3.7.0)
      rspec-expectations (~> 3.7.0)
      rspec-mocks (~> 3.7.0)
    rspec-core (3.7.1)
      rspec-support (~> 3.7.0)
    rspec-expectations (3.7.0)
      diff-lcs (>= 1.2.0, < 2.0)
      rspec-support (~> 3.7.0)
    rspec-mocks (3.7.0)
      diff-lcs (>= 1.2.0, < 2.0)
      rspec-support (~> 3.7.0)
    rspec-support (3.7.1)
    rubocop (0.56.0)
      parallel (~> 1.10)
      parser (>= 2.5)
      powerpack (~> 0.1)
      rainbow (>= 2.2.2, < 4.0)
      ruby-progressbar (~> 1.7)
      unicode-display_width (~> 1.0, >= 1.0.1)
    ruby-progressbar (1.9.0)
    sawyer (0.8.1)
      addressable (>= 2.3.5, < 2.6)
      faraday (~> 0.8, < 1.0)
    simplecov (0.16.1)
      docile (~> 1.1)
      json (>= 1.8, < 3)
      simplecov-html (~> 0.10.0)
    simplecov-html (0.10.2)
    sinatra (2.0.3)
      mustermann (~> 1.0)
      rack (~> 2.0)
      rack-protection (= 2.0.3)
      tilt (~> 2.0)
    temple (0.8.0)
    thor (0.20.0)
    tilt (2.0.8)
    unicode-display_width (1.3.2)

PLATFORMS
  ruby

DEPENDENCIES
  bump
  colorize
  json
  mirage (= 4.0.0.alpha9)
  netrc
  octokit
  rake
  rspec
  rubocop
  simplecov
  thor

BUNDLED WITH
   1.16.2
